GEM
  specs:
    httparty (0.9.0)
      multi_json (~> 1.0)
      multi_xml
    json (1.7.5)
    multi_json (1.3.7)
    multi_xml (0.5.1)
    neography (1.0.2)
      httparty (>= 0.8.1)
      json (>= 1.6.0)
      multi_json (>= 1.3.2)
      os (>= 0.9.6)
      rake (>= 0.8.7)
      rubyzip (>= 0.9.7)
    os (0.9.6)
    rake (10.0.0)
    rubyzip (0.9.9)

PLATFORMS
  ruby

DEPENDENCIES
  neography
